PATH
  remote: .
  specs:
    nats (0.4.1)
      daemons (>= 1.1.0)
      eventmachine (>= 0.12.10)
      yajl-ruby (>= 0.8.0)

GEM
  remote: http://rubygems.org/
  specs:
    daemons (1.1.0)
    diff-lcs (1.1.2)
    eventmachine (0.12.10)
    rspec (2.4.0)
      rspec-core (~> 2.4.0)
      rspec-expectations (~> 2.4.0)
      rspec-mocks (~> 2.4.0)
    rspec-core (2.4.0)
    rspec-expectations (2.4.0)
      diff-lcs (~> 1.1.2)
    rspec-mocks (2.4.0)
    yajl-ruby (0.8.0)

PLATFORMS
  ruby

DEPENDENCIES
  daemons (>= 1.1.0)
  eventmachine (>= 0.12.10)
  json_pure
  nats!
  rspec
  yajl-ruby (>= 0.8.0)
