PATH
  remote: .
  specs:
    nats (0.3.2)
      daemons (>= 1.1.0)
      eventmachine (>= 0.12.10)
      yajl-ruby (>= 0.7.8)

GEM
  remote: http://rubygems.org/
  specs:
    daemons (1.1.0)
    diff-lcs (1.1.2)
    eventmachine (0.12.10)
    rspec (2.0.1)
      rspec-core (~> 2.0.1)
      rspec-expectations (~> 2.0.1)
      rspec-mocks (~> 2.0.1)
    rspec-core (2.0.1)
    rspec-expectations (2.0.1)
      diff-lcs (>= 1.1.2)
    rspec-mocks (2.0.1)
      rspec-core (~> 2.0.1)
      rspec-expectations (~> 2.0.1)
    yajl-ruby (0.7.8)

PLATFORMS
  ruby

DEPENDENCIES
  daemons (>= 1.1.0)
  eventmachine (>= 0.12.10)
  nats!
  rspec
  yajl-ruby (>= 0.7.8)
